PATH
  remote: .
  specs:
    dynamo-store (1.0.0)
      activesupport (> 5.0)
      aws-sdk-dynamodb (> 1.0)
      rexml

GEM
  remote: https://rubygems.org/
  specs:
    activesupport (6.1.4.1)
      concurrent-ruby (~> 1.0, >= 1.0.2)
      i18n (>= 1.6, < 2)
      minitest (>= 5.1)
      tzinfo (~> 2.0)
      zeitwerk (~> 2.3)
    appraisal (2.4.1)
      bundler
      rake
      thor (>= 0.14.0)
    ast (2.4.2)
    aws-eventstream (1.2.0)
    aws-partitions (1.531.0)
    aws-sdk-core (3.122.1)
      aws-eventstream (~> 1, >= 1.0.2)
      aws-partitions (~> 1, >= 1.525.0)
      aws-sigv4 (~> 1.1)
      jmespath (~> 1.0)
    aws-sdk-dynamodb (1.66.0)
      aws-sdk-core (~> 3, >= 3.122.0)
      aws-sigv4 (~> 1.1)
    aws-sigv4 (1.4.0)
      aws-eventstream (~> 1, >= 1.0.2)
    backports (3.21.0)
    binding_of_caller (1.0.0)
      debug_inspector (>= 0.0.1)
    coderay (1.1.3)
    concurrent-ruby (1.1.9)
    debug_inspector (1.1.0)
    deep-cover (1.1.0)
      deep-cover-core (= 1.1.0)
      highline
      thor (>= 0.20.3)
      with_progress
    deep-cover-core (1.1.0)
      backports (>= 3.11.0)
      binding_of_caller
      parser (>= 2.5)
      pry
      term-ansicolor
      terminal-table
    diff-lcs (1.4.4)
    docile (1.4.0)
    highline (2.0.3)
    i18n (1.8.11)
      concurrent-ruby (~> 1.0)
    jmespath (1.4.0)
    method_source (1.0.0)
    minitest (5.14.4)
    parser (3.0.2.0)
      ast (~> 2.4.1)
    pry (0.14.1)
      coderay (~> 1.1)
      method_source (~> 1.0)
    rake (10.5.0)
    rexml (3.2.5)
    rspec (3.10.0)
      rspec-core (~> 3.10.0)
      rspec-expectations (~> 3.10.0)
      rspec-mocks (~> 3.10.0)
    rspec-core (3.10.1)
      rspec-support (~> 3.10.0)
    rspec-expectations (3.10.1)
      diff-lcs (>= 1.2.0, < 2.0)
      rspec-support (~> 3.10.0)
    rspec-mocks (3.10.2)
      diff-lcs (>= 1.2.0, < 2.0)
      rspec-support (~> 3.10.0)
    rspec-support (3.10.3)
    rspec_junit_formatter (0.4.1)
      rspec-core (>= 2, < 4, != 2.12.0)
    ruby-progressbar (1.11.0)
    simplecov (0.21.2)
      docile (~> 1.1)
      simplecov-html (~> 0.11)
      simplecov_json_formatter (~> 0.1)
    simplecov-html (0.12.3)
    simplecov-lcov (0.8.0)
    simplecov_json_formatter (0.1.3)
    sync (0.5.0)
    term-ansicolor (1.7.1)
      tins (~> 1.0)
    terminal-table (3.0.2)
      unicode-display_width (>= 1.1.1, < 3)
    thor (1.1.0)
    timecop (0.9.4)
    tins (1.29.1)
      sync
    tzinfo (2.0.4)
      concurrent-ruby (~> 1.0)
    unicode-display_width (2.1.0)
    with_progress (1.0.1)
      ruby-progressbar (~> 1.4)
    zeitwerk (2.5.1)

PLATFORMS
  ruby
  x86_64-darwin-17
  x86_64-darwin-18

DEPENDENCIES
  appraisal
  deep-cover
  dynamo-store!
  rake (~> 10.0)
  rspec (~> 3.0)
  rspec_junit_formatter
  simplecov
  simplecov-lcov (~> 0.8.0)
  timecop

BUNDLED WITH
   2.2.27
